GEM
  remote: https://rubygems.org/
  specs:
    ffi (1.9.3)
    haml (4.0.5)
      tilt
    i18n (0.6.9)
    rack (1.5.2)
    rack-protection (1.5.3)
      rack
    rb-inotify (0.9.5)
      ffi (>= 0.5.0)
    sass (3.3.8)
    sinatra (1.4.5)
      rack (~> 1.4)
      rack-protection (~> 1.4)
      tilt (~> 1.3, >= 1.3.4)
    tilt (1.4.1)

PLATFORMS
  ruby

DEPENDENCIES
  haml
  i18n
  rb-inotify (~> 0.9)
  sass
  sinatra
